GEM
  remote: https://rubygems.org/
  specs:
    columnize (0.9.0)
    diff-lcs (1.2.5)
    dotenv (2.0.0)
    haml (4.0.6)
      tilt
    newrelic_rpm (3.10.0.279)
    puma (2.11.1-java)
      rack (>= 1.1, < 2.0)
    rack (1.6.0)
    rack-protection (1.5.3)
      rack
    rack-timeout (0.2.1)
    rspec (3.2.0)
      rspec-core (~> 3.2.0)
      rspec-expectations (~> 3.2.0)
      rspec-mocks (~> 3.2.0)
    rspec-core (3.2.2)
      rspec-support (~> 3.2.0)
    rspec-expectations (3.2.0)
      diff-lcs (>= 1.2.0, < 2.0)
      rspec-support (~> 3.2.0)
    rspec-mocks (3.2.1)
      diff-lcs (>= 1.2.0, < 2.0)
      rspec-support (~> 3.2.0)
    rspec-support (3.2.2)
    ruby-debug (0.10.4)
      columnize (>= 0.1)
      ruby-debug-base (~> 0.10.4.0)
    ruby-debug-base (0.10.4-java)
    sass (3.4.13)
    sinatra (1.4.5)
      rack (~> 1.4)
      rack-protection (~> 1.4)
      tilt (~> 1.3, >= 1.3.4)
    tilt (1.4.1)

PLATFORMS
  java

DEPENDENCIES
  dotenv
  haml
  newrelic_rpm
  puma
  rack-timeout
  rspec
  ruby-debug
  sass
  sinatra
