GEM
  remote: https://rubygems.org/
  specs:
    backports (3.3.3)
    columnize (0.3.6)
    diff-lcs (1.2.4)
    dotenv (0.8.0)
    eventmachine (1.0.3-java)
    haml (4.0.3)
      tilt
    newrelic_rpm (3.9.6.257)
    rack (1.5.2)
    rack-protection (1.5.0)
      rack
    rack-test (0.6.2)
      rack (>= 1.0)
    rspec (2.14.1)
      rspec-core (~> 2.14.0)
      rspec-expectations (~> 2.14.0)
      rspec-mocks (~> 2.14.0)
    rspec-core (2.14.4)
    rspec-expectations (2.14.1)
      diff-lcs (>= 1.1.3, < 2.0)
    rspec-mocks (2.14.3)
    ruby-debug (0.10.4)
      columnize (>= 0.1)
      ruby-debug-base (~> 0.10.4.0)
    ruby-debug-base (0.10.4-java)
    sass (3.4.13)
    sinatra (1.4.3)
      rack (~> 1.4)
      rack-protection (~> 1.4)
      tilt (~> 1.3, >= 1.3.4)
    sinatra-contrib (1.4.0)
      backports (>= 2.0)
      eventmachine
      rack-protection
      rack-test
      sinatra (~> 1.4.2)
      tilt (~> 1.3)
    tilt (1.4.1)

PLATFORMS
  java

DEPENDENCIES
  dotenv
  haml
  newrelic_rpm
  rspec
  ruby-debug
  sass
  sinatra
  sinatra-contrib
