GIT
  remote: https://github.com/octokit/octokit.rb.git
  revision: 4da646b3825806db0b1d0bd2c83d44bb6bbe1689
  branch: master
  specs:
    octokit (2.0.0.rc2)
      sawyer (~> 0.3.0)

GEM
  remote: https://rubygems.org/
  specs:
    backports (3.3.3)
    columnize (0.3.6)
    commonjs (0.2.6)
    diff-lcs (1.2.4)
    dotenv (0.8.0)
    eventmachine (1.0.3-java)
    faraday (0.8.8)
      multipart-post (~> 1.2.0)
    haml (4.0.3)
      tilt
    less (2.3.2)
      commonjs (~> 0.2.6)
    multipart-post (1.2.0)
    rack (1.5.2)
    rack-protection (1.5.0)
      rack
    rack-test (0.6.2)
      rack (>= 1.0)
    rspec (2.14.1)
      rspec-core (~> 2.14.0)
      rspec-expectations (~> 2.14.0)
      rspec-mocks (~> 2.14.0)
    rspec-core (2.14.4)
    rspec-expectations (2.14.1)
      diff-lcs (>= 1.1.3, < 2.0)
    rspec-mocks (2.14.3)
    ruby-debug (0.10.4)
      columnize (>= 0.1)
      ruby-debug-base (~> 0.10.4.0)
    ruby-debug-base (0.10.4-java)
    sawyer (0.3.0)
      faraday (~> 0.8, < 0.10)
      uri_template (~> 0.5.0)
    sinatra (1.4.3)
      rack (~> 1.4)
      rack-protection (~> 1.4)
      tilt (~> 1.3, >= 1.3.4)
    sinatra-contrib (1.4.0)
      backports (>= 2.0)
      eventmachine
      rack-protection
      rack-test
      sinatra (~> 1.4.2)
      tilt (~> 1.3)
    therubyrhino (2.0.2)
      therubyrhino_jar (>= 1.7.3)
    therubyrhino_jar (1.7.4)
    tilt (1.4.1)
    uri_template (0.5.3)

PLATFORMS
  java

DEPENDENCIES
  dotenv
  haml
  less
  octokit!
  rspec
  ruby-debug
  sinatra
  sinatra-contrib
  therubyrhino
